GIT
  remote: https://github.com/gollum/adapter_specs.git
  revision: 75d4338a9d3cb2a50ffaf2ea1444d8f045b37751
  specs:
    adapter_specs (0.0.2)

PATH
  remote: .
  specs:
    gollum-rugged_adapter (0.0.1)
      rugged (~> 0.21)

GEM
  remote: https://rubygems.org/
  specs:
    diff-lcs (1.2.5)
    docile (1.1.2)
    multi_json (1.8.4)
    rake (10.0.4)
    rspec (2.13.0)
      rspec-core (~> 2.13.0)
      rspec-expectations (~> 2.13.0)
      rspec-mocks (~> 2.13.0)
    rspec-core (2.13.1)
    rspec-expectations (2.13.0)
      diff-lcs (>= 1.1.3, < 2.0)
    rspec-mocks (2.13.1)
    rugged (0.21.0)
    simplecov (0.8.2)
      docile (~> 1.1.0)
      multi_json
      simplecov-html (~> 0.8.0)
    simplecov-html (0.8.0)

PLATFORMS
  ruby

DEPENDENCIES
  adapter_specs!
  gollum-rugged_adapter!
  rake (~> 10.0.3)
  rspec (= 2.13.0)
  simplecov
